GEM
  remote: https://rubygems.org/
  specs:
    sqlite3 (1.4.1)

PLATFORMS
  ruby

DEPENDENCIES
  sqlite3 (~> 1.3, >= 1.3.11)

BUNDLED WITH
   2.1.0.pre.1
